GEM
  remote: https://rubygems.org/
  specs:
    sqlite3 (1.4.2)

PLATFORMS
  x86_64-linux

DEPENDENCIES
  sqlite3 (= 1.4.2)

RUBY VERSION
   ruby 3.0.0p0

BUNDLED WITH
   2.3.18
